PATH
  remote: .
  specs:
    kele (0.0.1)
      httparty (~> 0.13)
      json (~> 2.0)

GEM
  remote: https://rubygems.org/
  specs:
    httparty (0.14.0)
      multi_xml (>= 0.5.2)
    json (2.0.3)
    multi_xml (0.6.0)

PLATFORMS
  ruby

DEPENDENCIES
  json
  kele!

BUNDLED WITH
   1.14.5
